GIT

GEM

PLATFORMS

DEPENDENCIES

BUNDLED WITH
